GIT
  remote: https://github.com/apixu/apixu-ruby
  revision: 52d54082d672f5bf83f6a10f259058296906334e
  specs:
    apixu (0.3.0)
      rest-client (~> 2.0)

GEM
  remote: https://rubygems.org/
  specs:
    atk (3.3.6)
      glib2 (= 3.3.6)
    cairo (1.16.4)
      native-package-installer (>= 1.0.3)
      pkg-config (>= 1.2.2)
    cairo-gobject (3.3.6)
      cairo (>= 1.16.2)
      glib2 (= 3.3.6)
    domain_name (0.5.20190701)
      unf (>= 0.0.5, < 1.0.0)
    gdk_pixbuf2 (3.3.6)
      gio2 (= 3.3.6)
    gio2 (3.3.6)
      gobject-introspection (= 3.3.6)
    glib2 (3.3.6)
      native-package-installer (>= 1.0.3)
      pkg-config (>= 1.3.5)
    gobject-introspection (3.3.6)
      glib2 (= 3.3.6)
    gtk2 (3.3.6)
      atk (= 3.3.6)
      gdk_pixbuf2 (= 3.3.6)
      pango (= 3.3.6)
    http-cookie (1.0.3)
      domain_name (~> 0.5)
    json (2.3.0)
    mime-types (3.2.2)
      mime-types-data (~> 3.2015)
    mime-types-data (3.2019.0331)
    native-package-installer (1.0.7)
    netrc (0.11.0)
    pango (3.3.6)
      cairo-gobject (= 3.3.6)
      gobject-introspection (= 3.3.6)
    pkg-config (1.3.7)
    rest-client (2.0.2)
      http-cookie (>= 1.0.2, < 2.0)
      mime-types (>= 1.16, < 4.0)
      netrc (~> 0.8)
    ruby-dbus (0.15.0)
    unf (0.1.4)
      unf_ext
    unf_ext (0.0.7.6)

PLATFORMS
  ruby

DEPENDENCIES
  apixu!
  gtk2
  json
  ruby-dbus

BUNDLED WITH
   2.0.2
